GEM
  remote: http://rubygems.org/
  specs:
    CFPropertyList (2.0.17)
      libxml-ruby (>= 1.1.0)
      rake (>= 0.7.0)
    betabuilder (0.7.4.1)
      CFPropertyList (~> 2.0.0)
      json (~> 1.4.6)
      rest-client (~> 1.6.1)
      uuid (~> 2.3.1)
    git (1.2.5)
    jeweler (1.6.4)
      bundler (~> 1.0)
      git (>= 1.2.5)
      rake
    json (1.4.6)
    libxml-ruby (2.2.2)
    macaddr (1.5.0)
      systemu (>= 2.4.0)
    mime-types (1.17.2)
    rake (0.9.2.2)
    rest-client (1.6.7)
      mime-types (>= 1.16)
    systemu (2.4.2)
    thor (0.14.6)
    uuid (2.3.4)
      macaddr (~> 1.0)

PLATFORMS
  ruby

DEPENDENCIES
  betabuilder
  bundler (~> 1.0.0)
  jeweler (~> 1.6.4)
  rake
  thor
